GEM
  remote: https://rubygems.org/
  specs:
    asciidoctor (2.0.20)
    language_server-protocol (3.17.0.3)
    prism (0.17.1)
    ruby-lsp (0.12.3)
      language_server-protocol (~> 3.17.0)
      prism (>= 0.17.1, < 0.18)
      sorbet-runtime (>= 0.5.5685)
    sorbet-runtime (0.5.11139)
    webrick (1.8.1)

PLATFORMS
  arm64-darwin-22
  arm64-darwin-23

DEPENDENCIES
  asciidoctor
  ruby-lsp
  webrick

BUNDLED WITH
   2.4.10
